GIT
  remote: https://github.com/marten/lita-bucket.git
  revision: c8835e4bca02674695ce5391f4263cacea431b0a
  specs:
    lita-bucket (0.1.0)
      a_vs_an
      lita (>= 4.6)

GIT
  remote: https://github.com/zooniverse/lita-zooniverse.git
  revision: dd5a169172febafb280dda6954c68cd1d06cac6d
  specs:
    lita-zooniverse (0.1.0)
      a_vs_an
      aws-sdk (>= 2)
      httparty
      jenkins_api_client
      lita (>= 4.6)
      octokit
      panoptes-client

GEM
  remote: https://rubygems.org/
  specs:
    a_vs_an (0.1.0)
    addressable (2.3.8)
    aws-sdk (2.2.22)
      aws-sdk-resources (= 2.2.22)
    aws-sdk-core (2.2.22)
      jmespath (~> 1.0)
    aws-sdk-resources (2.2.22)
      aws-sdk-core (= 2.2.22)
    coderay (1.1.0)
    dotenv (2.0.2)
    eventmachine (1.0.8)
    faraday (0.9.2)
      multipart-post (>= 1.2, < 3)
    faraday-panoptes (0.2.0)
      faraday (~> 0.9)
      faraday_middleware (~> 0.10)
    faraday_middleware (0.10.0)
      faraday (>= 0.7.4, < 0.10)
    faye-websocket (0.10.0)
      eventmachine (>= 0.12.0)
      websocket-driver (>= 0.5.1)
    http_router (0.11.2)
      rack (>= 1.0.0)
      url_mount (~> 0.2.1)
    httparty (0.13.7)
      json (~> 1.8)
      multi_xml (>= 0.5.2)
    i18n (0.7.0)
    ice_nine (0.11.1)
    jenkins_api_client (1.4.2)
      json
      mixlib-shellout (>= 1.1.0)
      nokogiri (~> 1.6.0)
      terminal-table (>= 1.4.0)
      thor (>= 0.16.0)
    jmespath (1.1.3)
    json (1.8.3)
    lita (4.6.1)
      bundler (>= 1.3)
      faraday (>= 0.8.7)
      http_router (>= 0.11.2)
      i18n (>= 0.6.9)
      ice_nine (>= 0.11.0)
      multi_json (>= 1.7.7)
      puma (>= 2.7.1)
      rack (>= 1.5.2)
      rb-readline (>= 0.5.1)
      redis-namespace (>= 1.3.0)
      thor (>= 0.18.1)
    lita-applause (0.0.2)
      lita (>= 4.0)
    lita-baby_elephant (0.0.5)
      lita (>= 3.3)
      read_it (= 0.0.2)
    lita-catfacts (0.0.4)
      lita (>= 2.3)
    lita-catgif (0.0.2)
      lita (>= 2.6)
    lita-cron (0.0.3)
      lita (>= 2.7)
      rufus-scheduler (= 2.0.24)
    lita-excuses (0.0.6)
      lita (>= 2.2)
      nokogiri
    lita-flip (1.0.1)
      lita
    lita-karma (3.0.2)
      lita (>= 4.0)
    lita-lunch (0.2.0)
      lita (>= 4.4)
    lita-pugbomb (1.0.2)
      lita (>= 2.0)
    lita-slack (1.7.0)
      eventmachine
      faraday
      faye-websocket (>= 0.8.0)
      lita (>= 4.6.0)
      multi_json
    method_source (0.8.2)
    mini_portile2 (2.0.0)
    mixlib-shellout (2.2.6)
    multi_json (1.11.2)
    multi_xml (0.5.5)
    multipart-post (2.0.0)
    nokogiri (1.6.7.2)
      mini_portile2 (~> 2.0.0.rc2)
    octokit (4.2.0)
      sawyer (~> 0.6.0, >= 0.5.3)
    panoptes-client (0.2.2)
      faraday
      faraday-panoptes (~> 0.2.0)
    pry (0.10.3)
      coderay (~> 1.1.0)
      method_source (~> 0.8.1)
      slop (~> 3.4)
    puma (2.15.3)
    rack (1.6.4)
    rb-readline (0.5.3)
    read_it (0.0.2)
      faraday (>= 0.8.7)
    redis (3.2.1)
    redis-namespace (1.5.2)
      redis (~> 3.0, >= 3.0.4)
    rufus-scheduler (2.0.24)
      tzinfo (>= 0.3.22)
    sawyer (0.6.0)
      addressable (~> 2.3.5)
      faraday (~> 0.8, < 0.10)
    slop (3.6.0)
    terminal-table (1.5.2)
    thor (0.19.1)
    thread_safe (0.3.5)
    tzinfo (1.2.2)
      thread_safe (~> 0.1)
    url_mount (0.2.1)
      rack
    websocket-driver (0.6.2)
      websocket-extensions (>= 0.1.0)
    websocket-extensions (0.1.2)

PLATFORMS
  ruby

DEPENDENCIES
  dotenv
  lita
  lita-applause
  lita-baby_elephant
  lita-bucket!
  lita-catfacts
  lita-catgif
  lita-cron
  lita-excuses
  lita-flip
  lita-karma
  lita-lunch
  lita-pugbomb
  lita-slack
  lita-zooniverse!
  pry

BUNDLED WITH
   1.11.2
